GEM
  remote: https://rubygems.org/
  specs:
    dotenv (2.7.6)
    dry-inflector (0.2.1)
    mail (2.7.1)
      mini_mime (>= 0.1.1)
    mini_mime (1.1.2)
    pg (1.3.5)
    rake (13.0.6)
    sequel (5.57.0)
    sequel_pg (1.15.0)
      pg (>= 0.18.0, != 1.2.0)
      sequel (>= 4.38.0)

PLATFORMS
  ruby

DEPENDENCIES
  dotenv
  dry-inflector
  mail
  pg
  rake
  sequel
  sequel_pg

BUNDLED WITH
   2.1.4
