GEM
  remote: https://rubygems.org/
  specs:
    mail (2.7.1)
      mini_mime (>= 0.1.1)
    mini_mime (1.1.2)
    net-protocol (0.2.1)
      timeout
    net-smtp (0.3.3)
      net-protocol
    pg (1.3.5)
    sequel (5.57.0)
    sequel_pg (1.15.0)
      pg (>= 0.18.0, != 1.2.0)
      sequel (>= 4.38.0)
    timeout (0.4.0)

PLATFORMS
  ruby

DEPENDENCIES
  mail
  net-smtp
  pg
  sequel
  sequel_pg

BUNDLED WITH
   2.1.4
